PATH
  remote: .
  specs:
    flickr_sync (0.0.1)
      clamp (~> 0)
      flickraw (~> 0)
      splat (~> 0)

GEM
  remote: http://rubygems.org/
  specs:
    clamp (0.6.1)
    diff-lcs (1.1.3)
    flickraw (0.9.6)
    rake (0.9.2.2)
    rspec (2.11.0)
      rspec-core (~> 2.11.0)
      rspec-expectations (~> 2.11.0)
      rspec-mocks (~> 2.11.0)
    rspec-core (2.11.0)
    rspec-expectations (2.11.1)
      diff-lcs (~> 1.1.3)
    rspec-mocks (2.11.0)
    splat (0.1.5)

PLATFORMS
  ruby

DEPENDENCIES
  flickr_sync!
  rake (~> 0)
  rspec (~> 2)
