PATH
  remote: .
  specs:
    flickr_sync (0.0.1)
      clamp (~> 0)
      fleakr (~> 0)
      splat (~> 0)

GEM
  remote: http://rubygems.org/
  specs:
    clamp (0.2.3)
    diff-lcs (1.1.3)
    fleakr (0.7.1)
      hpricot (>= 0.6.164)
      loggable (>= 0.2.0)
    hpricot (0.8.4)
    loggable (0.3.0)
    rake (0.9.2)
    rspec (2.6.0)
      rspec-core (~> 2.6.0)
      rspec-expectations (~> 2.6.0)
      rspec-mocks (~> 2.6.0)
    rspec-core (2.6.4)
    rspec-expectations (2.6.0)
      diff-lcs (~> 1.1.2)
    rspec-mocks (2.6.0)
    splat (0.1.4)

PLATFORMS
  ruby

DEPENDENCIES
  flickr_sync!
  rake (~> 0)
  rspec (~> 2)
